PATH
  remote: .
  specs:
    fredit (0.0.5)

GEM
  remote: http://rubygems.org/
  specs:

PLATFORMS
  ruby

DEPENDENCIES
  fredit!
