PATH
  remote: .
  specs:
    fredit (0.1.2)
      git

GEM
  remote: http://rubygems.org/
  specs:
    git (1.2.5)

PLATFORMS
  ruby

DEPENDENCIES
  fredit!
